GIT
  remote: https://github.com/vwall/compass-twitter-bootstrap.git
  revision: 1a7b5ce54efaf764eb317127521f7630964a3da7
  specs:
    compass_twitter_bootstrap (2.0.1.2)
      compass

GEM
  remote: http://rubygems.org/
  specs:
    barista (1.2.1)
      coffee-script (~> 2.2)
    chunky_png (1.2.5)
    coffee-script (2.2.0)
      coffee-script-source
      execjs
    coffee-script-source (1.2.0)
    compass (0.12.1)
      chunky_png (~> 1.2)
      fssm (>= 0.2.7)
      sass (~> 3.1)
    execjs (1.3.0)
      multi_json (~> 1.0)
    fssm (0.2.8.1)
    multi_json (1.2.0)
    rake (0.9.2.2)
    rb-fsevent (0.9.0)
    sass (3.1.15)
    watchr (0.7)

PLATFORMS
  ruby

DEPENDENCIES
  barista
  compass
  compass_twitter_bootstrap!
  rake
  rb-fsevent
  watchr
